PATH
  remote: .
  specs:
    webpacker (6.0.0.beta.7)
      activesupport (>= 3.2)
      rack-proxy (>= 0.6.1)
      railties (>= 3.2)
      semantic_range (>= 2.3.0)

GEM
  remote: https://rubygems.org/
  specs:
    actionmailer (3.2.22.23)
      actionpack (= 3.2.22.23)
      mail (~> 2.5.4)
    actionpack (3.2.22.23)
      activemodel (= 3.2.22.23)
      activesupport (= 3.2.22.23)
      builder (~> 3.0)
      erubis (~> 2.7.0)
      journey (~> 1.0.4)
      rack (~> 1.4.5)
      rack-cache (~> 1.2)
      rack-test (~> 0.6.1)
      sprockets (= 2.2.3)
    activemodel (3.2.22.23)
      activesupport (= 3.2.22.23)
      builder (~> 3.0)
    activerecord (3.2.22.23)
      activemodel (= 3.2.22.23)
      activesupport (= 3.2.22.23)
      arel (~> 3.0.2)
      tzinfo (~> 0.3.29)
    activeresource (3.2.22.23)
      activemodel (= 3.2.22.23)
      activesupport (= 3.2.22.23)
    activesupport (3.2.22.23)
      i18n (~> 0.6, >= 0.6.4)
      multi_json (~> 1.0)
    arel (3.0.3)
    ast (2.4.2)
    builder (3.2.4)
    byebug (11.0.1)
    coderay (1.1.3)
    concurrent-ruby (1.1.8)
    erubis (2.7.0)
    hike (1.2.3)
    i18n (0.9.5)
      concurrent-ruby (~> 1.0)
    jaro_winkler (1.5.4)
    journey (1.0.4)
    json (1.8.6)
    mail (2.5.5)
      mime-types (~> 1.16)
      treetop (~> 1.4.8)
    method_source (0.9.2)
    mime-types (1.25.1)
    minitest (5.14.4)
    multi_json (1.15.0)
    parallel (1.19.2)
    parser (3.0.1.1)
      ast (~> 2.4.1)
    polyglot (0.3.5)
    power_assert (2.0.0)
    pry (0.12.2)
      coderay (~> 1.1.0)
      method_source (~> 0.9.0)
    rack (1.4.7)
    rack-cache (1.12.1)
      rack (>= 0.4)
    rack-proxy (0.6.5)
      rack
    rack-ssl (1.3.4)
      rack
    rack-test (0.6.3)
      rack (>= 1.0)
    rails (3.2.22.23)
      actionmailer (= 3.2.22.23)
      actionpack (= 3.2.22.23)
      activemodel (= 3.2.22.23)
      activerecord (= 3.2.22.23)
      activeresource (= 3.2.22.23)
      activesupport (= 3.2.22.23)
      bundler (~> 1.0)
      railslts-version (= 3.2.22.23)
      railties (= 3.2.22.23)
    railslts-version (3.2.22.23)
    railties (3.2.22.23)
      actionpack (= 3.2.22.23)
      activesupport (= 3.2.22.23)
      rack-ssl (~> 1.3.2)
      rake (>= 0.8.7)
      rdoc (~> 3.4)
      thor (>= 0.14.6, < 2.0)
    rainbow (3.0.0)
    rake (13.0.3)
    rdoc (3.12.2)
      json (~> 1.4)
    rexml (3.2.5)
    rubocop (0.81.0)
      jaro_winkler (~> 1.5.1)
      parallel (~> 1.10)
      parser (>= 2.7.0.1)
      rainbow (>= 2.2.2, < 4.0)
      rexml
      ruby-progressbar (~> 1.7)
      unicode-display_width (>= 1.4.0, < 2.0)
    rubocop-performance (1.5.2)
      rubocop (>= 0.71.0)
    ruby-progressbar (1.11.0)
    semantic_range (3.0.0)
    sprockets (2.2.3)
      hike (~> 1.2)
      multi_json (~> 1.0)
      rack (~> 1.0)
      tilt (~> 1.1, != 1.3.0)
    test-unit (3.4.1)
      power_assert
    thor (1.1.0)
    tilt (1.4.1)
    treetop (1.4.15)
      polyglot
      polyglot (>= 0.3.1)
    tzinfo (0.3.60)
    unicode-display_width (1.7.0)

PLATFORMS
  ruby

DEPENDENCIES
  bundler (>= 1.3.0)
  byebug
  minitest (~> 5.0)
  pry
  rack-proxy
  rails (~> 3.2.0)
  rake (>= 11.1)
  rubocop (~> 0.81.0)
  rubocop-performance
  semantic_range
  sprockets (~> 2.2.0)
  test-unit (~> 3.0)
  webpacker!

BUNDLED WITH
   1.17.3
